GEM
  remote: http://rubygems.org/
  specs:
    bones (3.8.0)
      little-plugger (~> 1.1.3)
      loquacious (~> 1.9.1)
      rake (>= 0.8.7)
    faraday (0.8.4)
      multipart-post (~> 1.1)
    github_api (0.8.8)
      faraday (~> 0.8.1)
      hashie (~> 1.2.0)
      multi_json (~> 1.4)
      nokogiri (~> 1.5.2)
      oauth2
    hashie (1.2.0)
    httpauth (0.2.0)
    jwt (0.1.5)
      multi_json (>= 1.0)
    little-plugger (1.1.3)
    loquacious (1.9.1)
    multi_json (1.5.0)
    multipart-post (1.1.5)
    nokogiri (1.5.6)
    oauth2 (0.8.0)
      faraday (~> 0.8)
      httpauth (~> 0.1)
      jwt (~> 0.1.4)
      multi_json (~> 1.0)
      rack (~> 1.2)
    parseconfig (1.0.2)
    rack (1.5.0)
    rake (10.0.3)

PLATFORMS
  ruby

DEPENDENCIES
  bones
  github_api
  parseconfig
